PATH
  remote: .
  specs:
    pcap_tools (0.0.6)
      ox (= 2.0.11)
      popen4 (= 0.1.2)

GEM
  remote: https://rubygems.org/
  specs:
    Platform (0.4.0)
    open4 (1.3.0)
    ox (2.0.11)
    popen4 (0.1.2)
      Platform (>= 0.4.0)
      open4 (>= 0.4.0)

PLATFORMS
  ruby

DEPENDENCIES
  pcap_tools!
