PATH
  remote: .
  specs:
    pcap_tools (0.0.6)
      nokogiri (= 1.6.0)
      popen4 (= 0.1.2)

GEM
  remote: https://rubygems.org/
  specs:
    Platform (0.4.0)
    mini_portile (0.5.2)
    nokogiri (1.6.0)
      mini_portile (~> 0.5.0)
    open4 (1.3.0)
    popen4 (0.1.2)
      Platform (>= 0.4.0)
      open4 (>= 0.4.0)

PLATFORMS
  ruby

DEPENDENCIES
  pcap_tools!
